GEM
  remote: https://rubygems.org/
  specs:
    diff-lcs (1.2.5)
    faraday (0.9.2)
      multipart-post (>= 1.2, < 3)
    highline (1.7.8)
    kitchen-ansible (0.0.36)
      librarian-ansible
      test-kitchen (~> 1.4)
    kitchen-docker (2.3.0)
      test-kitchen (>= 1.0.0)
    librarian (0.1.2)
      highline
      thor (~> 0.15)
    librarian-ansible (1.0.6)
      faraday
      librarian (~> 0.1.0)
    mixlib-shellout (2.2.5)
    multi_json (1.11.2)
    multipart-post (2.0.0)
    net-scp (1.2.1)
      net-ssh (>= 2.6.5)
    net-ssh (2.9.2)
    net-telnet (0.1.1)
    rspec (3.4.0)
      rspec-core (~> 3.4.0)
      rspec-expectations (~> 3.4.0)
      rspec-mocks (~> 3.4.0)
    rspec-core (3.4.1)
      rspec-support (~> 3.4.0)
    rspec-expectations (3.4.0)
      diff-lcs (>= 1.2.0, < 2.0)
      rspec-support (~> 3.4.0)
    rspec-its (1.2.0)
      rspec-core (>= 3.0.0)
      rspec-expectations (>= 3.0.0)
    rspec-mocks (3.4.0)
      diff-lcs (>= 1.2.0, < 2.0)
      rspec-support (~> 3.4.0)
    rspec-support (3.4.1)
    safe_yaml (1.0.4)
    serverspec (2.27.0)
      multi_json
      rspec (~> 3.0)
      rspec-its
      specinfra (~> 2.46)
    sfl (2.2)
    specinfra (2.47.1)
      net-scp
      net-ssh (>= 2.7, < 3.1)
      net-telnet
      sfl
    test-kitchen (1.4.2)
      mixlib-shellout (>= 1.2, < 3.0)
      net-scp (~> 1.1)
      net-ssh (~> 2.7, < 2.10)
      safe_yaml (~> 1.0)
      thor (~> 0.18)
    thor (0.19.1)

PLATFORMS
  ruby

DEPENDENCIES
  kitchen-ansible (>= 0.0.36)
  kitchen-docker (>= 2.3.0)
  serverspec (>= 2.27.0)
  test-kitchen (>= 1.4.2)

BUNDLED WITH
   1.11.2
